GEM
  remote: https://rubygems.org/
  specs:
    teacup (1.3.2)

PLATFORMS
  ruby

DEPENDENCIES
  teacup
